GEM
  remote: http://rubygems.org/
  specs:
    geo_ip (0.5.0)
      json (~> 1.4)
      rest-client (~> 1.6.1)
    json (1.7.6)
    mime-types (1.20.1)
    mysql (2.9.0)
    rest-client (1.6.7)
      mime-types (>= 1.16)

PLATFORMS
  ruby

DEPENDENCIES
  geo_ip
  mysql
